PATH
  remote: .
  specs:
    legion-extensions-slack (0.1.0)

GEM
  remote: https://rubygems.org/
  specs:
    amq-protocol (2.3.2)
    ast (2.4.1)
    aws-eventstream (1.1.0)
    aws-sigv4 (1.2.2)
      aws-eventstream (~> 1, >= 1.0.2)
    bunny (2.17.0)
      amq-protocol (~> 2.3, >= 2.3.1)
    concurrent-ruby (1.1.7)
    concurrent-ruby-ext (1.1.7)
      concurrent-ruby (= 1.1.7)
    connection_pool (2.2.3)
    daemons (1.3.1)
    dalli (2.7.11)
    diff-lcs (1.4.4)
    hashdiff (1.0.1)
    json_pure (2.3.1)
    legion-cache (1.0.0)
      connection_pool
      dalli
      redis
    legion-crypt (0.2.1)
      vault
    legion-data (1.1.4)
      legion-logging
      legion-settings
      mysql2
      sequel
    legion-exceptions (1.1.1)
    legion-json (1.1.2)
      json_pure
      multi_json
    legion-logging (1.1.2)
      rainbow (~> 3)
    legion-settings (1.1.2)
      legion-json
      legion-logging
    legion-transport (1.1.5)
      bunny
      concurrent-ruby
      legion-json
    legionio (0.3.4)
      bunny
      concurrent-ruby
      concurrent-ruby-ext
      daemons
      hashdiff
      legion-cache
      legion-crypt
      legion-data
      legion-exceptions
      legion-json
      legion-logging
      legion-settings
      legion-transport
      lex-node
      oj
    lex-node (0.1.1)
    multi_json (1.15.0)
    mysql2 (0.5.3)
    oj (3.10.15)
    parallel (1.19.2)
    parser (2.7.2.0)
      ast (~> 2.4.1)
    rainbow (3.0.0)
    rake (12.3.3)
    redis (4.2.2)
    regexp_parser (1.8.2)
    rexml (3.2.4)
    rspec (3.9.0)
      rspec-core (~> 3.9.0)
      rspec-expectations (~> 3.9.0)
      rspec-mocks (~> 3.9.0)
    rspec-core (3.9.3)
      rspec-support (~> 3.9.3)
    rspec-expectations (3.9.2)
      diff-lcs (>= 1.2.0, < 2.0)
      rspec-support (~> 3.9.0)
    rspec-mocks (3.9.1)
      diff-lcs (>= 1.2.0, < 2.0)
      rspec-support (~> 3.9.0)
    rspec-support (3.9.3)
    rubocop (0.93.1)
      parallel (~> 1.10)
      parser (>= 2.7.1.5)
      rainbow (>= 2.2.2, < 4.0)
      regexp_parser (>= 1.8)
      rexml
      rubocop-ast (>= 0.6.0)
      ruby-progressbar (~> 1.7)
      unicode-display_width (>= 1.4.0, < 2.0)
    rubocop-ast (0.8.0)
      parser (>= 2.7.1.5)
    ruby-progressbar (1.10.1)
    sequel (5.37.0)
    unicode-display_width (1.7.0)
    vault (0.15.0)
      aws-sigv4

PLATFORMS
  ruby

DEPENDENCIES
  legion-extensions-slack!
  legionio
  rake (~> 12.0)
  rspec (~> 3.0)
  rubocop

BUNDLED WITH
   2.1.4
